GEM
  remote: https://rubygems.org/
  specs:
    ffi (1.8.1)
    hallon (0.18.2)
      ffi (~> 1.8)
      spotify (~> 12.5.1)
      weak_observable (~> 1.0)
    json (1.7.7)
    libspotify (12.1.51.3)
    ref (1.0.4)
    spotify (12.5.1)
      ffi (~> 1.0, >= 1.0.11)
      libspotify (~> 12.1.51)
    weak_observable (1.0.1)
      ref (~> 1.0.0)

PLATFORMS
  ruby

DEPENDENCIES
  hallon
  json
